GEM
  remote: https://rubygems.org/
  specs:
    binding_of_caller (0.6.7)
    coderay (1.0.6)
    haml (3.1.4)
    ipaddr_extensions (2012.1.13)
    method_source (0.7.1)
    pry (0.9.9.4)
      coderay (~> 1.0.5)
      method_source (~> 0.7.1)
      slop (>= 2.4.4, < 3)
    pry-doc (0.4.1)
      pry (>= 0.9.0)
      yard (~> 0.7.4)
    pry-exception_explorer (0.1.9)
      pry-stack_explorer (>= 0.3.9)
    pry-nav (0.2.1)
      pry (~> 0.9.9)
    pry-rails (0.1.6)
      pry
    pry-stack_explorer (0.4.2)
      binding_of_caller (~> 0.6.2)
      pry (~> 0.9.9)
    pry-syntax-hacks (0.0.6)
      pry (>= 0.9.8)
    slop (2.4.4)
    yard (0.7.5)

PLATFORMS
  ruby

DEPENDENCIES
  haml
  ipaddr_extensions
  pry
  pry-doc
  pry-exception_explorer
  pry-nav
  pry-rails
  pry-stack_explorer
  pry-syntax-hacks
